PATH
  remote: .
  specs:
    fly-ruby (0.0.1)
      rack (>= 2.0)

GEM
  remote: https://rubygems.org/
  specs:
    byebug (11.1.3)
    minitest (5.14.4)
    rack (2.2.3)
    rack-test (1.1.0)
      rack (>= 1.0, < 3)

PLATFORMS
  x86_64-darwin-20

DEPENDENCIES
  byebug
  fly-ruby!
  minitest
  rack-test

BUNDLED WITH
   2.2.17
